GEM
  remote: https://RubyGems.org/
  specs:
    cpf_cnpj (0.5.0)
    cpf_utils (1.3.1)
    lerolero_generator (1.0.1)
    tty-cursor (0.7.1)

PLATFORMS
  x86_64-linux

DEPENDENCIES
  cpf_cnpj
  cpf_utils
  lerolero_generator
  tty-cursor

BUNDLED WITH
   2.3.21
